GEM
  remote: http://rubygems.org/
  specs:
    childprocess (0.1.8)
      ffi (~> 1.0.6)
    diff-lcs (1.1.2)
    execjs (0.3.3)
      multi_json (~> 1.0)
    ffi (1.0.7)
      rake (>= 0.8.7)
    jasmine (1.0.2.0)
      json_pure (>= 1.4.3)
      rack (>= 1.1)
      rspec (>= 1.3.1)
      selenium-webdriver (>= 0.1.3)
    json (1.5.1)
    json_pure (1.5.1)
    multi_json (1.0.1)
    rack (1.2.2)
    rake (0.8.7)
    rspec (2.5.0)
      rspec-core (~> 2.5.0)
      rspec-expectations (~> 2.5.0)
      rspec-mocks (~> 2.5.0)
    rspec-core (2.5.1)
    rspec-expectations (2.5.0)
      diff-lcs (~> 1.1.2)
    rspec-mocks (2.5.0)
    rubyzip (0.9.4)
    selenium-webdriver (0.1.4)
      childprocess (>= 0.1.7)
      ffi (>= 1.0.7)
      json_pure
      rubyzip
    therubyracer (0.8.1)
    uglifier (0.5.1)
      execjs
      json

PLATFORMS
  ruby

DEPENDENCIES
  execjs (>= 0.3)
  jasmine (>= 1.0)
  therubyracer (>= 0.8)
  uglifier (>= 0.5)
